GEM
  remote: https://rubygems.org/
  specs:
    ast (2.4.2)
    parser (3.3.1.0)
      ast (~> 2.4.1)
      racc
    racc (1.8.0)

PLATFORMS
  x64-mingw-ucrt

DEPENDENCIES
  parser

BUNDLED WITH
   2.5.10
